GEM
  remote: https://rubygems.org/
  specs:
    faraday (0.9.2)
      multipart-post (>= 1.2, < 3)
    faraday_middleware (0.10.0)
      faraday (>= 0.7.4, < 0.10)
    hashie (3.4.4)
    http_eventstore (0.1.2)
      faraday
      faraday_middleware
      hashie
      json
    json (1.8.3)
    multipart-post (2.0.0)
    rack (1.6.4)
    rack-protection (1.5.3)
      rack
    sinatra (1.4.7)
      rack (~> 1.5)
      rack-protection (~> 1.4)
      tilt (>= 1.3, < 3)
    sinatra-param (1.4.0)
      sinatra (~> 1.3)
    tilt (2.0.5)

PLATFORMS
  ruby

DEPENDENCIES
  http_eventstore
  sinatra
  sinatra-param

BUNDLED WITH
   1.12.1
