GEM
  remote: https://rubygems.org/
  specs:
    faraday (0.9.2)
      multipart-post (>= 1.2, < 3)
    faraday_middleware (0.10.0)
      faraday (>= 0.7.4, < 0.10)
    hashie (3.4.3)
    http_eventstore (0.1.2)
      faraday
      faraday_middleware
      hashie
      json
    json (1.8.3)
    multipart-post (2.0.0)

PLATFORMS
  ruby

DEPENDENCIES
  http_eventstore

BUNDLED WITH
   1.10.6
