GEM
  remote: https://rubygems.org/
  specs:
    faraday (0.9.2)
      multipart-post (>= 1.2, < 3)
    faraday_middleware (0.10.0)
      faraday (>= 0.7.4, < 0.10)
    hashie (3.4.3)
    http_eventstore (0.1.2)
      faraday
      faraday_middleware
      hashie
      json
    httparty (0.13.7)
      json (~> 1.8)
      multi_xml (>= 0.5.2)
    json (1.8.3)
    multi_xml (0.5.5)
    multipart-post (2.0.0)

PLATFORMS
  ruby

DEPENDENCIES
  http_eventstore
  httparty

BUNDLED WITH
   1.11.2
