GEM
  remote: https://rubygems.org/
  specs:
    addressable (2.3.8)
    faraday (0.9.2)
      multipart-post (>= 1.2, < 3)
    faraday_middleware (0.10.0)
      faraday (>= 0.7.4, < 0.10)
    ffi (1.9.10)
    hashie (3.4.4)
    http_eventstore (0.1.2)
      faraday
      faraday_middleware
      hashie
      json
    httparty (0.13.7)
      json (~> 1.8)
      multi_xml (>= 0.5.2)
    json (1.8.3)
    json-schema (2.6.2)
      addressable (~> 2.3.8)
    listen (3.1.5)
      rb-fsevent (~> 0.9, >= 0.9.4)
      rb-inotify (~> 0.9, >= 0.9.7)
      ruby_dep (~> 1.2)
    multi_xml (0.5.5)
    multipart-post (2.0.0)
    parallel (1.9.0)
    rb-fsevent (0.9.7)
    rb-inotify (0.9.7)
      ffi (>= 0.5.0)
    ruby_dep (1.3.1)

PLATFORMS
  ruby

DEPENDENCIES
  http_eventstore
  httparty
  json-schema
  listen
  parallel

BUNDLED WITH
   1.12.5
